GEM
  remote: https://rubygems.org/
  specs:
    ast (2.2.0)
    byebug (8.2.4)
    coderay (1.1.1)
    method_source (0.8.2)
    parser (2.3.0.7)
      ast (~> 2.2)
    pg (0.18.4)
    powerpack (0.1.1)
    pry (0.10.3)
      coderay (~> 1.1.0)
      method_source (~> 0.8.1)
      slop (~> 3.4)
    pry-byebug (3.3.0)
      byebug (~> 8.0)
      pry (~> 0.10)
    rainbow (2.1.0)
    rake (11.1.2)
    rubocop (0.39.0)
      parser (>= 2.3.0.7, < 3.0)
      powerpack (~> 0.1)
      rainbow (>= 1.99.1, < 3.0)
      ruby-progressbar (~> 1.7)
      unicode-display_width (~> 1.0, >= 1.0.1)
    ruby-progressbar (1.7.5)
    sequel (4.35.0)
    slop (3.6.0)
    unicode-display_width (1.0.3)

PLATFORMS
  ruby

DEPENDENCIES
  bundler
  pg
  pry
  pry-byebug
  rake
  rubocop
  sequel

BUNDLED WITH
   1.12.4
