GEM
  remote: https://rubygems.org/
  specs:
    ast (2.3.0)
    byebug (9.0.6)
    coderay (1.1.1)
    method_source (0.8.2)
    parser (2.3.1.4)
      ast (~> 2.2)
    pg (0.19.0)
    powerpack (0.1.1)
    pry (0.10.4)
      coderay (~> 1.1.0)
      method_source (~> 0.8.1)
      slop (~> 3.4)
    pry-byebug (3.4.0)
      byebug (~> 9.0)
      pry (~> 0.10)
    rainbow (2.1.0)
    rake (11.3.0)
    rb-readline (0.5.3)
    rubocop (0.44.1)
      parser (>= 2.3.1.1, < 3.0)
      powerpack (~> 0.1)
      rainbow (>= 1.99.1, < 3.0)
      ruby-progressbar (~> 1.7)
      unicode-display_width (~> 1.0, >= 1.0.1)
    ruby-progressbar (1.8.1)
    sequel (4.39.0)
    slop (3.6.0)
    terminal-notifier (1.7.1)
    thyme (0.0.15)
      ruby-progressbar (~> 1.0)
    unicode-display_width (1.1.1)

PLATFORMS
  ruby

DEPENDENCIES
  bundler
  pg
  pry
  pry-byebug
  rake
  rb-readline
  rubocop
  sequel
  terminal-notifier
  thyme

BUNDLED WITH
   1.13.2
